GEM
  remote: https://rubygems.org/
  specs:
    msgpack (1.6.0)

PLATFORMS
  x86_64-linux

DEPENDENCIES
  msgpack

BUNDLED WITH
   2.3.20
